RESTRICTION: >= net462
NUGET
  remote: https://api.nuget.org/v3/index.json
    Castle.Core (4.0)
    DryIoc.dll (2.10.1)
      System.Collections (>= 4.0.11)
      System.Diagnostics.Debug (>= 4.0.11)
      System.Diagnostics.Tools (>= 4.0.1)
      System.Linq (>= 4.1)
      System.Linq.Expressions (>= 4.1)
      System.Reflection (>= 4.1)
      System.Reflection.Extensions (>= 4.0.1)
      System.Runtime (>= 4.1)
      System.Runtime.Extensions (>= 4.1)
      System.Threading (>= 4.0.11)
    FluentAssertions (4.19.2)
    HttpMock (1.3.3)
      Kayak (>= 0.7.2)
      log4net (>= 2.0.5)
      NUnit (>= 3.4.1)
    Kayak (0.7.2)
    log4net (2.0.8)
    Microsoft.ApplicationInsights (2.4)
      System.Diagnostics.DiagnosticSource (>= 4.4)
    Moq (4.7.1)
      Castle.Core (>= 4.0)
    msdn.4.5.2 (0.1.0-alpha-1611021200)
    Newtonsoft.Json (9.0.1)
    NUnit (3.6.1)
    SemVer.Git.MSBuild (1.2) - content: once
    Serilog (2.4)
    Serilog.Formatting.Compact (1.0)
      Serilog (>= 2.0)
    Serilog.Sinks.ColoredConsole (2.0)
      Serilog (>= 2.0)
    Serilog.Sinks.File (3.2)
      Serilog (>= 2.3)
    Serilog.Sinks.PeriodicBatching (2.1)
      Serilog (>= 2.0)
    Serilog.Sinks.RollingFile (3.3)
      Serilog.Sinks.File (>= 3.2)
    Serilog.Sinks.Seq (3.2)
      Serilog (>= 2.3)
      Serilog.Formatting.Compact (>= 1.0)
      Serilog.Sinks.File (>= 3.2)
      Serilog.Sinks.PeriodicBatching (>= 2.1)
      Serilog.Sinks.RollingFile (>= 3.3)
    Serilog.Sinks.Splunk (2.1.3)
      Serilog (>= 2.2)
      Splunk.Logging.Common (>= 1.6)
    Splunk.Logging.Common (1.6.1)
      Newtonsoft.Json (>= 6.0.8)
    System.Collections (4.3)
    System.Diagnostics.Debug (4.3)
    System.Diagnostics.DiagnosticSource (4.4)
    System.Diagnostics.Tools (4.3)
    System.Linq (4.3)
    System.Linq.Expressions (4.3)
    System.Reflection (4.3)
    System.Reflection.Extensions (4.3)
    System.Runtime (4.3)
    System.Runtime.Extensions (4.3)
    System.Threading (4.3)
    VaraniumSharp (1.13)
