RESTRICTION: >= net471
NUGET
  remote: https://api.nuget.org/v3/index.json
    Castle.Core (4.2.1)
    DryIoc.dll (2.12.7)
    FluentAssertions (4.19.4)
    IdentityModel (3.1)
      Newtonsoft.Json (>= 10.0.3)
      System.Net.Http (>= 4.3.3)
    IdentityModel.OidcClient (2.4)
      IdentityModel (>= 3.0)
      Microsoft.Extensions.Logging (>= 1.1.2)
      System.IdentityModel.Tokens.Jwt (>= 5.1.5)
    Microsoft.ApplicationInsights (2.5)
      System.Diagnostics.DiagnosticSource (>= 4.4)
    Microsoft.Extensions.DependencyInjection.Abstractions (2.0)
    Microsoft.Extensions.Logging (1.1.2)
      Microsoft.Extensions.DependencyInjection.Abstractions (>= 1.1.1)
      Microsoft.Extensions.Logging.Abstractions (>= 1.1.2)
      NETStandard.Library (>= 1.6.1)
    Microsoft.Extensions.Logging.Abstractions (2.0)
    Microsoft.IdentityModel.Logging (5.2.1)
    Microsoft.IdentityModel.Tokens (5.2.1)
      Microsoft.IdentityModel.Logging (>= 5.2.1)
      Newtonsoft.Json (>= 10.0.1)
    Microsoft.NETCore.Platforms (2.0.1)
    Moq (4.8.1)
      Castle.Core (>= 4.2.1)
      System.Threading.Tasks.Extensions (>= 4.3)
      System.ValueTuple (>= 4.3)
    msdn.4.5.2 (0.1.0-alpha-1611021200)
    NETStandard.Library (2.0.1)
      Microsoft.NETCore.Platforms (>= 1.1)
    Newtonsoft.Json (10.0.3) - redirects: on
    NUnit (3.9)
    SemVer.Git.MSBuild (1.3) - content: once
    Serilog (2.6)
    Serilog.Formatting.Compact (1.0)
      Serilog (>= 2.0)
    Serilog.Sinks.ColoredConsole (3.0.1)
      Serilog.Sinks.Console (>= 3.0.1)
    Serilog.Sinks.Console (3.1.1)
      Serilog (>= 2.5)
    Serilog.Sinks.File (4.0)
      Serilog (>= 2.5)
    Serilog.Sinks.PeriodicBatching (2.1.1)
      Serilog (>= 2.0)
    Serilog.Sinks.Seq (4.0)
      Serilog (>= 2.5)
      Serilog.Formatting.Compact (>= 1.0)
      Serilog.Sinks.File (>= 4.0)
      Serilog.Sinks.PeriodicBatching (>= 2.1.1)
    Serilog.Sinks.Splunk (2.5)
      Serilog (>= 2.5)
      Serilog.Sinks.PeriodicBatching (>= 2.1.1)
      Splunk.Logging.Common (>= 1.6)
    Splunk.Logging.Common (1.6.1)
      Newtonsoft.Json (>= 6.0.8)
    System.Diagnostics.DiagnosticSource (4.4.1)
    System.IdentityModel.Tokens.Jwt (5.2.1)
      Microsoft.IdentityModel.Tokens (>= 5.2.1)
      Newtonsoft.Json (>= 10.0.1)
    System.IO (4.3)
    System.Net.Http (4.3.3)
      System.Security.Cryptography.X509Certificates (>= 4.3)
    System.Runtime (4.3)
    System.Security.Cryptography.Algorithms (4.3.1)
      System.IO (>= 4.3)
      System.Runtime (>= 4.3)
      System.Security.Cryptography.Encoding (>= 4.3)
      System.Security.Cryptography.Primitives (>= 4.3)
    System.Security.Cryptography.Encoding (4.3)
    System.Security.Cryptography.Primitives (4.3)
    System.Security.Cryptography.X509Certificates (4.3.2)
      System.Security.Cryptography.Algorithms (>= 4.3)
      System.Security.Cryptography.Encoding (>= 4.3)
    System.Threading.Tasks.Extensions (4.4)
    System.ValueTuple (4.4)
    VaraniumSharp (1.20)
      Microsoft.Extensions.Logging (>= 1.1.2)
    Viki.HttpMockSlim (1.0.3)
