RESTRICTION: >= net471
NUGET
  remote: https://api.nuget.org/v3/index.json
    Castle.Core (4.3.1)
    DryIoc.dll (3.0.2)
    FluentAssertions (4.19.4)
    IdentityModel (3.8)
      Newtonsoft.Json (>= 11.0.1)
      System.Text.Encodings.Web (>= 4.4)
    IdentityModel.OidcClient (2.8.1)
      IdentityModel (>= 3.8)
      Microsoft.Extensions.Logging (>= 1.1.2)
      System.IdentityModel.Tokens.Jwt (>= 5.2.1)
    Microsoft.ApplicationInsights (2.6.4)
      System.Diagnostics.DiagnosticSource (>= 4.4)
    Microsoft.Extensions.Configuration (2.1.1)
      Microsoft.Extensions.Configuration.Abstractions (>= 2.1.1)
    Microsoft.Extensions.Configuration.Abstractions (2.1.1)
      Microsoft.Extensions.Primitives (>= 2.1.1)
    Microsoft.Extensions.Configuration.Binder (2.1.1)
      Microsoft.Extensions.Configuration (>= 2.1.1)
    Microsoft.Extensions.DependencyInjection.Abstractions (2.1.1)
    Microsoft.Extensions.Logging (2.1.1)
      Microsoft.Extensions.Configuration.Binder (>= 2.1.1)
      Microsoft.Extensions.DependencyInjection.Abstractions (>= 2.1.1)
      Microsoft.Extensions.Logging.Abstractions (>= 2.1.1)
      Microsoft.Extensions.Options (>= 2.1.1)
    Microsoft.Extensions.Logging.Abstractions (2.1.1)
    Microsoft.Extensions.Options (2.1.1)
      Microsoft.Extensions.DependencyInjection.Abstractions (>= 2.1.1)
      Microsoft.Extensions.Primitives (>= 2.1.1)
    Microsoft.Extensions.Primitives (2.1.1)
      System.Memory (>= 4.5.1)
      System.Runtime.CompilerServices.Unsafe (>= 4.5.1)
    Microsoft.IdentityModel.JsonWebTokens (5.2.4)
      Microsoft.IdentityModel.Tokens (>= 5.2.4)
      Newtonsoft.Json (>= 10.0.1)
    Microsoft.IdentityModel.Logging (5.2.4)
    Microsoft.IdentityModel.Tokens (5.2.4)
      Microsoft.IdentityModel.Logging (>= 5.2.4)
      Newtonsoft.Json (>= 10.0.1)
    Microsoft.NETCore.Platforms (2.1)
    Moq (4.9)
      Castle.Core (>= 4.3.1)
      System.Threading.Tasks.Extensions (>= 4.3)
      System.ValueTuple (>= 4.4)
    msdn.4.5.2 (0.1.0-alpha-1611021200)
    NETStandard.Library (2.0.3)
      Microsoft.NETCore.Platforms (>= 1.1)
    Newtonsoft.Json (11.0.2) - redirects: on
    NUnit (3.10.1)
    SemVer.Git.MSBuild (1.3) - content: once
    Serilog (2.7.1)
    Serilog.Formatting.Compact (1.0)
      Serilog (>= 2.0)
    Serilog.Sinks.ColoredConsole (3.0.1)
      Serilog.Sinks.Console (>= 3.0.1)
    Serilog.Sinks.Console (3.1.1)
      Serilog (>= 2.5)
    Serilog.Sinks.File (4.0)
      Serilog (>= 2.5)
    Serilog.Sinks.PeriodicBatching (2.1.1)
      Serilog (>= 2.0)
    Serilog.Sinks.Seq (4.0)
      Serilog (>= 2.5)
      Serilog.Formatting.Compact (>= 1.0)
      Serilog.Sinks.File (>= 4.0)
      Serilog.Sinks.PeriodicBatching (>= 2.1.1)
    Serilog.Sinks.Splunk (2.5)
      Serilog (>= 2.5)
      Serilog.Sinks.PeriodicBatching (>= 2.1.1)
      Splunk.Logging.Common (>= 1.6)
    Splunk.Logging.Common (1.6.1)
      Newtonsoft.Json (>= 6.0.8)
    System.Buffers (4.5)
    System.Configuration.ConfigurationManager (4.5)
      System.Security.Permissions (>= 4.5)
    System.Diagnostics.DiagnosticSource (4.5)
    System.IdentityModel.Tokens.Jwt (5.2.4)
      Microsoft.IdentityModel.JsonWebTokens (>= 5.2.4)
      Microsoft.IdentityModel.Tokens (>= 5.2.4)
      Newtonsoft.Json (>= 10.0.1)
    System.Memory (4.5.1)
      System.Buffers (>= 4.4)
      System.Numerics.Vectors (>= 4.4)
      System.Runtime.CompilerServices.Unsafe (>= 4.5)
    System.Numerics.Vectors (4.5)
    System.Runtime.Caching (4.5)
    System.Runtime.CompilerServices.Unsafe (4.5.1)
    System.Security.AccessControl (4.5)
      System.Security.Principal.Windows (>= 4.5)
    System.Security.Permissions (4.5)
      System.Security.AccessControl (>= 4.5)
    System.Security.Principal.Windows (4.5)
    System.Text.Encodings.Web (4.5)
    System.Threading.Tasks.Extensions (4.5.1)
      System.Runtime.CompilerServices.Unsafe (>= 4.5)
    System.ValueTuple (4.5)
    VaraniumSharp (3.1.2)
      Microsoft.Extensions.Logging (>= 2.0)
      System.Configuration.ConfigurationManager (>= 4.4.1)
      System.Runtime.Caching (>= 4.5)
    Viki.HttpMockSlim (1.0.3)
